GIT
  remote: git://github.com/rails/rails.git
  revision: 182d4e37191d0243ed95aea6a7670d4025b6d4b0
  ref: 182d4e3719
  specs:
    actionmailer (3.0.20)
      actionpack (= 3.0.20)
      mail (~> 2.2.19)
    actionpack (3.0.20)
      activemodel (= 3.0.20)
      activesupport (= 3.0.20)
      builder (~> 2.1.2)
      erubis (~> 2.6.6)
      i18n (~> 0.5.0)
      rack (~> 1.2.5)
      rack-mount (~> 0.6.14)
      rack-test (~> 0.5.7)
      tzinfo (~> 0.3.23)
    activemodel (3.0.20)
      activesupport (= 3.0.20)
      builder (~> 2.1.2)
      i18n (~> 0.5.0)
    activerecord (3.0.20)
      activemodel (= 3.0.20)
      activesupport (= 3.0.20)
      arel (~> 2.0.10)
      tzinfo (~> 0.3.23)
    activeresource (3.0.20)
      activemodel (= 3.0.20)
      activesupport (= 3.0.20)
    activesupport (3.0.20)
    rails (3.0.20)
      actionmailer (= 3.0.20)
      actionpack (= 3.0.20)
      activerecord (= 3.0.20)
      activeresource (= 3.0.20)
      activesupport (= 3.0.20)
      bundler (~> 1.0)
      railties (= 3.0.20)
    railties (3.0.20)
      actionpack (= 3.0.20)
      activesupport (= 3.0.20)
      rake (>= 0.8.7)
      rdoc (~> 3.4)
      thor (~> 0.14.4)

GIT
  remote: https://github.com/eLafo/best_in_place
  revision: 208f97532d3839952f52a616e91108872278ceb4
  branch: rails-3.0
  specs:
    best_in_place (0.2.4)
      rails (~> 3.0.0)

GEM
  remote: http://rubygems.org/
  specs:
    abstract (1.0.0)
    annotate (2.6.3)
      activerecord (>= 2.3.0)
      rake (>= 0.8.7)
    arel (2.0.10)
    authlogic (3.2.0)
      activerecord (>= 3.0.0)
      activesupport (>= 3.0.0)
    awesome_print (1.2.0)
    backports (3.6.0)
    better_errors (1.1.0)
      coderay (>= 1.0.0)
      erubis (>= 2.6.6)
    binding_of_caller (0.7.2)
      debug_inspector (>= 0.0.1)
    bson (1.10.0)
    bson_ext (1.10.0)
      bson (~> 1.10.0)
    builder (2.1.2)
    capybara (2.2.1)
      mime-types (>= 1.16)
      nokogiri (>= 1.3.3)
      rack (>= 1.0.0)
      rack-test (>= 0.5.4)
      xpath (~> 2.0)
    childprocess (0.5.2)
      ffi (~> 1.0, >= 1.0.11)
    climate_control (0.0.3)
      activesupport (>= 3.0)
    cocaine (0.5.4)
      climate_control (>= 0.0.3, < 1.0)
    code_analyzer (0.4.5)
      sexp_processor
    coderay (1.1.0)
    colored (1.2)
    columnize (0.3.6)
    coolline (0.4.3)
    daemons (1.1.9)
    database_cleaner (1.2.0)
    debug_inspector (0.0.2)
    debugger (1.6.6)
      columnize (>= 0.3.1)
      debugger-linecache (~> 1.2.0)
      debugger-ruby_core_source (~> 1.3.2)
    debugger-linecache (1.2.0)
    debugger-ruby_core_source (1.3.2)
    delayed_job (4.0.1)
      activesupport (>= 3.0, < 4.2)
    delayed_job_active_record (4.0.1)
      activerecord (>= 3.0, < 4.2)
      delayed_job (>= 3.0, < 4.1)
    diff-lcs (1.2.5)
    diffy (3.0.4)
    docile (1.1.3)
    erubis (2.6.6)
      abstract (>= 1.0.0)
    escape_utils (1.0.1)
    factory_girl (4.4.0)
      activesupport (>= 3.0.0)
    factory_girl_rails (4.4.1)
      factory_girl (~> 4.4.0)
      railties (>= 3.0.0)
    ffi (1.9.3)
    formatador (0.2.4)
    grit (2.5.0)
      diff-lcs (~> 1.1)
      mime-types (~> 1.15)
      posix-spawn (~> 0.3.6)
    growl (1.0.3)
    guard (1.8.3)
      formatador (>= 0.2.4)
      listen (~> 1.3)
      lumberjack (>= 1.0.2)
      pry (>= 0.9.10)
      thor (>= 0.14.6)
    guard-rspec (3.1.0)
      guard (>= 1.8)
      rspec (~> 2.13)
    hirb (0.7.1)
    i18n (0.5.3)
    jazz_hands (0.5.2)
      awesome_print (~> 1.2)
      coolline (>= 0.4.2)
      hirb (~> 0.7.1)
      pry (~> 0.9.12)
      pry-debugger (~> 0.2.2)
      pry-doc (~> 0.4.6)
      pry-git (~> 0.2.3)
      pry-rails (~> 0.3.2)
      pry-remote (>= 0.1.7)
      pry-stack_explorer (~> 0.4.9)
      railties (>= 3.0, < 5.0)
    jquery-rails (3.1.0)
      railties (>= 3.0, < 5.0)
      thor (>= 0.14, < 2.0)
    json (1.8.1)
    kaminari (0.15.1)
      actionpack (>= 3.0.0)
      activesupport (>= 3.0.0)
    kgio (2.9.2)
    listen (1.3.1)
      rb-fsevent (>= 0.9.3)
      rb-inotify (>= 0.9)
      rb-kqueue (>= 0.2)
    lumberjack (1.0.5)
    mail (2.2.20)
      activesupport (>= 2.3.6)
      i18n (>= 0.4.0)
      mime-types (~> 1.16)
      treetop (~> 1.4.8)
    memcache-client (1.8.5)
    method_source (0.8.2)
    mime-types (1.25.1)
    mini_portile (0.5.3)
    mongo (1.10.0)
      bson (~> 1.10.0)
    mongoid (2.2.6)
      activemodel (~> 3.0.0)
      mongo (~> 1.3)
      tzinfo (~> 0.3.22)
    mono_logger (1.1.0)
    multi_json (1.9.2)
    mysql2 (0.2.22)
    net-ldap (0.6.1)
    nokogiri (1.6.1)
      mini_portile (~> 0.5.0)
    open_uri_redirections (0.1.4)
    paperclip (4.1.1)
      activemodel (>= 3.0.0)
      activesupport (>= 3.0.0)
      cocaine (~> 0.5.3)
      mime-types
    pdfkit (0.6.2)
    polyglot (0.3.4)
    posix-spawn (0.3.8)
    pry (0.9.12.6)
      coderay (~> 1.0)
      method_source (~> 0.8)
      slop (~> 3.4)
    pry-debugger (0.2.2)
      debugger (~> 1.3)
      pry (~> 0.9.10)
    pry-doc (0.4.6)
      pry (>= 0.9)
      yard (>= 0.8)
    pry-git (0.2.3)
      diffy
      grit
      pry (>= 0.9.8)
    pry-rails (0.3.2)
      pry (>= 0.9.10)
    pry-remote (0.1.8)
      pry (~> 0.9)
      slop (~> 3.0)
    pry-stack_explorer (0.4.9.1)
      binding_of_caller (>= 0.7)
      pry (>= 0.9.11)
    rack (1.2.8)
    rack-mount (0.6.14)
      rack (>= 1.0.0)
    rack-test (0.5.7)
      rack (>= 1.0)
    rails_best_practices (1.15.2)
      activesupport
      awesome_print
      code_analyzer (>= 0.4.3)
      colored
      erubis
      i18n
      require_all
      ruby-progressbar
    raindrops (0.13.0)
    rake (10.3.1)
    ranked-model (0.2.1)
      activerecord (>= 3.0.3)
    rb-fsevent (0.9.4)
    rb-inotify (0.9.3)
      ffi (>= 0.5.0)
    rb-kqueue (0.2.2)
      ffi (>= 0.5.0)
    rdoc (3.12.2)
      json (~> 1.4)
    redis (3.0.7)
    redis-namespace (1.4.1)
      redis (~> 3.0.4)
    redis-objects (0.9.1)
      redis (>= 3.0.2)
    require_all (1.3.2)
    resque (1.25.2)
      mono_logger (~> 1.0)
      multi_json (~> 1.0)
      redis-namespace (~> 1.3)
      sinatra (>= 0.9.2)
      vegas (~> 0.1.2)
    resque-status (0.4.2)
      resque (~> 1.19)
    resque_mailer (2.2.6)
      actionmailer (>= 3.0)
    resque_unit (0.4.5)
      json (>= 1.4.6)
    rspec (2.14.1)
      rspec-core (~> 2.14.0)
      rspec-expectations (~> 2.14.0)
      rspec-mocks (~> 2.14.0)
    rspec-core (2.14.8)
    rspec-expectations (2.14.5)
      diff-lcs (>= 1.1.3, < 2.0)
    rspec-mocks (2.14.6)
    rspec-rails (2.14.2)
      actionpack (>= 3.0)
      activemodel (>= 3.0)
      activesupport (>= 3.0)
      railties (>= 3.0)
      rspec-core (~> 2.14.0)
      rspec-expectations (~> 2.14.0)
      rspec-mocks (~> 2.14.0)
    ruby-progressbar (1.4.2)
    rubyzip (1.1.3)
    selenium-webdriver (2.41.0)
      childprocess (>= 0.5.0)
      multi_json (~> 1.0)
      rubyzip (~> 1.0)
      websocket (~> 1.0.4)
    sexp_processor (4.4.3)
    shoulda-matchers (2.6.0)
      activesupport (>= 3.0.0)
    simplecov (0.8.2)
      docile (~> 1.1.0)
      multi_json
      simplecov-html (~> 0.8.0)
    simplecov-html (0.8.0)
    sinatra (1.2.9)
      backports
      rack (~> 1.1, < 1.5)
      tilt (>= 1.2.2, < 2.0)
    slop (3.5.0)
    thor (0.14.6)
    tilt (1.4.1)
    treetop (1.4.15)
      polyglot
      polyglot (>= 0.3.1)
    tzinfo (0.3.39)
    unicorn (4.8.2)
      kgio (~> 2.6)
      rack
      raindrops (~> 0.7)
    unicorn-rails (2.0.0)
      rack
      unicorn
    vegas (0.1.11)
      rack (>= 1.0.0)
    websocket (1.0.7)
    wkhtmltopdf-binary (0.9.9.1)
    xpath (2.0.0)
      nokogiri (~> 1.3)
    yard (0.8.7.4)

PLATFORMS
  ruby

DEPENDENCIES
  activerecord-jdbc-adapter
  activerecord-jdbcmysql-adapter
  annotate
  authlogic
  best_in_place!
  better_errors
  binding_of_caller
  bson_ext
  capybara
  daemons
  database_cleaner
  delayed_job_active_record
  escape_utils
  factory_girl_rails
  growl
  guard-rspec
  jazz_hands
  jdbc-mysql
  jquery-rails
  jruby-openssl
  jruby-rack
  jruby-rack-worker
  kaminari
  memcache-client
  mongoid
  mysql2 (< 0.3)
  net-ldap
  open_uri_redirections
  paperclip
  pdfkit
  pry
  rails!
  rails_best_practices
  ranked-model (~> 0.2.1)
  rb-fsevent (~> 0.9.1)
  redis-objects
  resque-status
  resque_mailer
  resque_unit
  rspec-rails
  selenium-webdriver
  shoulda-matchers
  simplecov
  unicorn-rails
  warbler
  wkhtmltopdf-binary (~> 0.9.9.1)
  yard
