GEM
  remote: http://rubygems.org/
  specs:
    Saikuro (1.1.0)
    abstract (1.0.0)
    actionmailer (3.0.13)
      actionpack (= 3.0.13)
      mail (~> 2.2.19)
    actionpack (3.0.13)
      activemodel (= 3.0.13)
      activesupport (= 3.0.13)
      builder (~> 2.1.2)
      erubis (~> 2.6.6)
      i18n (~> 0.5.0)
      rack (~> 1.2.5)
      rack-mount (~> 0.6.14)
      rack-test (~> 0.5.7)
      tzinfo (~> 0.3.23)
    activemodel (3.0.13)
      activesupport (= 3.0.13)
      builder (~> 2.1.2)
      i18n (~> 0.5.0)
    activerecord (3.0.13)
      activemodel (= 3.0.13)
      activesupport (= 3.0.13)
      arel (~> 2.0.10)
      tzinfo (~> 0.3.23)
    activeresource (3.0.13)
      activemodel (= 3.0.13)
      activesupport (= 3.0.13)
    activesupport (3.0.13)
    annotate (2.5.0)
      rake
    arel (2.0.10)
    authlogic (3.1.3)
      activerecord (>= 3.0.0)
      activesupport (>= 3.0.0)
    awesome_print (1.1.0)
    builder (2.1.2)
    chronic (0.3.0)
    churn (0.0.24)
      chronic (>= 0.2.3)
      hirb
      json_pure
      main
      ruby_parser (~> 2.3)
      sexp_processor (~> 3.0)
    cocaine (0.4.0)
    code_analyzer (0.2.0)
      sexp_processor
    coderay (1.0.8)
    colored (1.2)
    columnize (0.3.6)
    daemons (1.1.9)
    database_cleaner (0.9.1)
    debugger (1.2.0)
      columnize (>= 0.3.1)
      debugger-linecache (~> 1.1.1)
      debugger-ruby_core_source (~> 1.1.3)
    debugger-linecache (1.1.2)
      debugger-ruby_core_source (>= 1.1.1)
    debugger-ruby_core_source (1.1.3)
    delayed_job (2.1.4)
      activesupport (~> 3.0)
      daemons
    diff-lcs (1.1.3)
    erubis (2.6.6)
      abstract (>= 1.0.0)
    factory_girl (4.1.0)
      activesupport (>= 3.0.0)
    factory_girl_rails (4.1.0)
      factory_girl (~> 4.1.0)
      railties (>= 3.0.0)
    flay (1.4.3)
      ruby_parser (~> 2.0)
      sexp_processor (~> 3.0)
    flog (2.5.3)
      ruby_parser (~> 2.0)
      sexp_processor (~> 3.0)
    growl (1.0.3)
    guard (1.4.0)
      listen (>= 0.4.2)
      thor (>= 0.14.6)
    guard-rspec (2.1.0)
      guard (>= 1.1)
      rspec (~> 2.11)
    hirb (0.7.0)
    i18n (0.5.0)
    jquery-rails (1.0.19)
      railties (~> 3.0)
      thor (~> 0.14)
    json (1.7.5)
    json_pure (1.7.5)
    kaminari (0.14.1)
      actionpack (>= 3.0.0)
      activesupport (>= 3.0.0)
    kgio (2.7.4)
    listen (0.5.3)
    mail (2.2.19)
      activesupport (>= 2.3.6)
      i18n (>= 0.4.0)
      mime-types (~> 1.16)
      treetop (~> 1.4.8)
    main (4.7.1)
    memcache-client (1.8.5)
    method_source (0.8)
    metric_fu (2.1.1)
      Saikuro (>= 1.1.0)
      activesupport (>= 2.0.0)
      chronic (~> 0.3.0)
      churn (>= 0.0.7)
      flay (>= 1.2.1)
      flog (>= 2.3.0)
      rails_best_practices (>= 0.6.4)
      rcov (>= 0.8.3.3)
      reek (>= 1.2.6)
      roodi (>= 2.1.0)
      syntax
    metrical (0.1.0)
      metric_fu (~> 2.1.1)
      rcov (~> 0.9)
    mime-types (1.19)
    multi_json (1.3.6)
    mysql2 (0.2.18)
    paperclip (3.3.0)
      activemodel (>= 3.0.0)
      activerecord (>= 3.0.0)
      activesupport (>= 3.0.0)
      cocaine (~> 0.4.0)
      mime-types
    polyglot (0.3.3)
    progressbar (0.11.0)
    pry (0.9.10)
      coderay (~> 1.0.5)
      method_source (~> 0.8)
      slop (~> 3.3.1)
    pry-rails (0.2.2)
      pry (>= 0.9.10)
    rack (1.2.5)
    rack-mount (0.6.14)
      rack (>= 1.0.0)
    rack-test (0.5.7)
      rack (>= 1.0)
    rails (3.0.13)
      actionmailer (= 3.0.13)
      actionpack (= 3.0.13)
      activerecord (= 3.0.13)
      activeresource (= 3.0.13)
      activesupport (= 3.0.13)
      bundler (~> 1.0)
      railties (= 3.0.13)
    rails_best_practices (1.11.1)
      activesupport
      awesome_print
      code_analyzer
      colored
      erubis
      i18n
      progressbar
    railties (3.0.13)
      actionpack (= 3.0.13)
      activesupport (= 3.0.13)
      rake (>= 0.8.7)
      rdoc (~> 3.4)
      thor (~> 0.14.4)
    raindrops (0.10.0)
    rake (0.9.2.2)
    rb-fsevent (0.9.2)
    rcov (0.9.11)
    rdoc (3.12)
      json (~> 1.4)
    reek (1.2.12)
      ripper_ruby_parser (~> 0.0.7)
      ruby2ruby (~> 1.2.5)
      ruby_parser (~> 2.0)
      sexp_processor (~> 3.0)
    ripper_ruby_parser (0.0.8)
      sexp_processor (~> 3.0)
    roodi (2.1.0)
      ruby_parser
    rspec (2.11.0)
      rspec-core (~> 2.11.0)
      rspec-expectations (~> 2.11.0)
      rspec-mocks (~> 2.11.0)
    rspec-core (2.11.1)
    rspec-expectations (2.11.3)
      diff-lcs (~> 1.1.3)
    rspec-mocks (2.11.3)
    rspec-rails (2.11.0)
      actionpack (>= 3.0)
      activesupport (>= 3.0)
      railties (>= 3.0)
      rspec (~> 2.11.0)
    ruby2ruby (1.2.5)
      ruby_parser (~> 2.0)
      sexp_processor (~> 3.0)
    ruby_parser (2.3.1)
      sexp_processor (~> 3.0)
    sexp_processor (3.2.0)
    shoulda-matchers (1.4.0)
      activesupport (>= 3.0.0)
    simplecov (0.6.4)
      multi_json (~> 1.0)
      simplecov-html (~> 0.5.3)
    simplecov-html (0.5.3)
    slop (3.3.3)
    syntax (1.0.0)
    thor (0.14.6)
    treetop (1.4.10)
      polyglot
      polyglot (>= 0.3.1)
    tzinfo (0.3.33)
    unicorn (4.3.1)
      kgio (~> 2.6)
      rack
      raindrops (~> 0.7)
    unicorn-rails (0.0.1)
      rack
      unicorn

PLATFORMS
  ruby

DEPENDENCIES
  annotate
  authlogic
  database_cleaner
  debugger
  delayed_job (= 2.1.4)
  factory_girl_rails
  growl
  guard-rspec
  jquery-rails
  kaminari
  memcache-client
  metrical
  mysql2 (< 0.3)
  paperclip
  pry-rails
  rails (= 3.0.13)
  rails_best_practices
  rb-fsevent (~> 0.9.1)
  rspec-rails
  shoulda-matchers
  simplecov
  unicorn-rails
